GIT
  remote: git://github.com/timpalpant/bioruby-genomic-file.git
  revision: 286ae6851550526a1d6870d9fa93ca5dca01bbd3
  specs:
    bio-genomic-file (0.1.3)
      bio (>= 1.4.0)
      parallel (~> 0.5.5)

GEM
  remote: http://rubygems.org/
  specs:
    bio (1.4.1)
    diff-lcs (1.1.2)
    gnuplot (2.3.6)
    gsl (1.14.7)
      narray (>= 0.5.9)
    narray (0.5.9.9)
    parallel (0.5.5)
    pickled_optparse (0.1.1)
    rake (0.8.7)
    rspec (2.6.0)
      rspec-core (~> 2.6.0)
      rspec-expectations (~> 2.6.0)
      rspec-mocks (~> 2.6.0)
    rspec-core (2.6.4)
    rspec-expectations (2.6.0)
      diff-lcs (~> 1.1.2)
    rspec-mocks (2.6.0)
    simplecov (0.4.2)
      simplecov-html (~> 0.4.4)
    simplecov-html (0.4.5)

PLATFORMS
  ruby

DEPENDENCIES
  bio (>= 1.4.0)
  bio-genomic-file!
  gnuplot (>= 2.3.6)
  gsl (>= 1.14.5)
  pickled_optparse (>= 0.1.1)
  rake (~> 0.8.7)
  rspec (>= 2.5.0)
  simplecov (>= 0.4.0)
