GEM
  remote: http://rubygems.org/
  specs:
    andand (1.3.1)
    bio (1.4.1)
    diff-lcs (1.1.2)
    gnuplot (2.3.6)
    google_hash (0.6.2)
      sane
    gsl (1.14.7)
      narray (>= 0.5.9)
    narray (0.5.9.9)
    os (0.9.2)
    parallel-forkmanager (1.5.1)
    pickled_optparse (0.1.1)
    rake (0.8.7)
    rspec (2.6.0)
      rspec-core (~> 2.6.0)
      rspec-expectations (~> 2.6.0)
      rspec-mocks (~> 2.6.0)
    rspec-core (2.6.4)
    rspec-expectations (2.6.0)
      diff-lcs (~> 1.1.2)
    rspec-mocks (2.6.0)
    sane (0.23.5)
      andand
      os
    simplecov (0.4.2)
      simplecov-html (~> 0.4.4)
    simplecov-html (0.4.5)

PLATFORMS
  ruby

DEPENDENCIES
  bio (>= 1.4.0)
  gnuplot (>= 2.3.6)
  google_hash (~> 0.6.2)
  gsl (>= 1.14.5)
  parallel-forkmanager (~> 1.5.1)
  pickled_optparse (>= 0.1.1)
  rake (~> 0.8.7)
  rspec (>= 2.5.0)
  simplecov (>= 0.4.0)
