GIT
  remote: git://github.com/timpalpant/bioruby-genomic-file.git
  revision: c639a67fd846712709777380d73db745a938118e
  specs:
    bio-genomic-file (0.3.0)
      bio (>= 1.4.0)
      parallel (~> 0.5.5)

GEM
  remote: http://rubygems.org/
  specs:
    bio (1.4.2)
    diff-lcs (1.1.3)
    fftw3 (0.3)
      narray
    narray (0.5.9.9)
    parallel (0.5.9)
    pickled_optparse (0.1.1)
    rake (0.9.0)
    rspec (2.6.0)
      rspec-core (~> 2.6.0)
      rspec-expectations (~> 2.6.0)
      rspec-mocks (~> 2.6.0)
    rspec-core (2.6.4)
    rspec-expectations (2.6.0)
      diff-lcs (~> 1.1.2)
    rspec-mocks (2.6.0)
    simplecov (0.4.2)
      simplecov-html (~> 0.4.4)
    simplecov-html (0.4.5)

PLATFORMS
  ruby

DEPENDENCIES
  bio (>= 1.4.0)
  bio-genomic-file!
  fftw3 (~> 0.3.0)
  narray (~> 0.5.9.9)
  pickled_optparse (>= 0.1.1)
  rake (~> 0.9.0)
  rspec (>= 2.5.0)
  simplecov (>= 0.4.0)
